PATH
  remote: .
  specs:
    mail_view (1.0.1)
      tilt

GEM
  remote: http://rubygems.org/
  specs:
    i18n (0.6.1)
    mail (2.4.4)
      i18n (>= 0.4.0)
      mime-types (~> 1.16)
      treetop (~> 1.4.8)
    mime-types (1.19)
    polyglot (0.3.3)
    rack (1.4.1)
    rack-test (0.6.1)
      rack (>= 1.0)
    tilt (1.3.3)
    tmail (1.2.7.1)
    treetop (1.4.10)
      polyglot
      polyglot (>= 0.3.1)

PLATFORMS
  ruby

DEPENDENCIES
  mail (~> 2.2)
  mail_view!
  rack-test (~> 0.6)
  tmail (~> 1.2)
